GEM
  remote: https://rubygems.org/
  specs:
    bcrypt (3.1.20)
    connection_pool (2.5.3)
    mustermann (2.0.2)
      ruby2_keywords (~> 0.0.1)
    nio4r (2.7.4)
    pg (1.5.9)
    puma (6.6.0)
      nio4r (~> 2.0)
    rack (2.2.17)
    rack-protection (2.2.4)
      rack
    ruby2_keywords (0.0.5)
    sinatra (2.2.4)
      mustermann (~> 2.0)
      rack (~> 2.2)
      rack-protection (= 2.2.4)
      tilt (~> 2.0)
    tilt (2.6.0)

PLATFORMS
  ruby
  x86_64-linux

DEPENDENCIES
  bcrypt
  connection_pool
  pg (~> 1.5)
  puma
  sinatra (~> 2.2)

BUNDLED WITH
   2.6.9
